GEM
  remote: https://rubygems.org/
  specs:
    codeclimate-test-reporter (1.0.3)
      simplecov
    docile (1.1.5)
    json (2.0.2)
    simplecov (0.12.0)
      docile (~> 1.1.0)
      json (>= 1.8, < 3)
      simplecov-html (~> 0.10.0)
    simplecov-html (0.10.0)

PLATFORMS
  x64-mingw32

DEPENDENCIES
  codeclimate-test-reporter
  simplecov

BUNDLED WITH
   1.13.6
